GEM
  remote: https://rubygems.org/
  specs:
    axiom-types (0.1.1)
      descendants_tracker (~> 0.0.4)
      ice_nine (~> 0.11.0)
      thread_safe (~> 0.3, >= 0.3.1)
    coercible (1.0.0)
      descendants_tracker (~> 0.0.1)
    descendants_tracker (0.0.4)
      thread_safe (~> 0.3, >= 0.3.1)
    equalizer (0.0.9)
    ice_nine (0.11.1)
    jar-dependencies (0.3.12)
    maven-tools (1.0.7)
      virtus (~> 1.0)
    mustermann (1.0.2)
    rack (2.0.5)
    rack-protection (2.0.1)
      rack
    rake (10.4.2)
    ruby-maven (3.1.1.0.9)
      maven-tools (~> 1.0.7)
      ruby-maven-libs (= 3.1.1)
    ruby-maven-libs (3.1.1)
    sinatra (2.0.1)
      mustermann (~> 1.0)
      rack (~> 2.0)
      rack-protection (= 2.0.1)
      tilt (~> 2.0)
    thread_safe (0.3.4-java)
    tilt (2.0.8)
    virtus (1.0.4)
      axiom-types (~> 0.1)
      coercible (~> 1.0)
      descendants_tracker (~> 0.0, >= 0.0.3)
      equalizer (~> 0.0, >= 0.0.9)

PLATFORMS
  java

DEPENDENCIES
  leafy-health!
  leafy-logger!
  leafy-metrics!
  leafy-rack!
  rake (~> 10.2)
  ruby-maven
  sinatra
